GEM
  remote: https://rubygems.org/
  specs:
    open4 (1.3.4)
    rake (10.4.2)
    rake-remote_task (2.3.0)
      open4 (~> 1.0)
      rake (>= 0.8, < 11.0)

PLATFORMS
  ruby

DEPENDENCIES
  rake
  rake-remote_task
